GEM
  remote: https://rubygems.org/
  specs:
    activesupport (7.0.4)
      concurrent-ruby (~> 1.0, >= 1.0.2)
      i18n (>= 1.6, < 2)
      minitest (>= 5.1)
      tzinfo (~> 2.0)
    addressable (2.7.0)
      public_suffix (>= 2.0.2, < 5.0)
    aws-eventstream (1.0.3)
    aws-partitions (1.203.0)
    aws-sdk (1.67.0)
      aws-sdk-v1 (= 1.67.0)
    aws-sdk-core (3.63.0)
      aws-eventstream (~> 1.0, >= 1.0.2)
      aws-partitions (~> 1.0)
      aws-sigv4 (~> 1.1)
      jmespath (~> 1.0)
    aws-sdk-kms (1.24.0)
      aws-sdk-core (~> 3, >= 3.61.1)
      aws-sigv4 (~> 1.1)
    aws-sdk-s3 (1.46.0)
      aws-sdk-core (~> 3, >= 3.61.1)
      aws-sdk-kms (~> 1)
      aws-sigv4 (~> 1.1)
    aws-sdk-v1 (1.67.0)
      json (~> 1.4)
      nokogiri (~> 1)
    aws-sigv4 (1.1.0)
      aws-eventstream (~> 1.0, >= 1.0.2)
    babosa (1.0.2)
    cert (1.4.4)
      fastlane_core (>= 0.55.0, < 1.0.0)
      spaceship (>= 0.37.0, < 1.0.0)
    certified (1.0.0)
    colored (1.2)
    commander (4.4.6)
      highline (~> 1.7.2)
    concurrent-ruby (1.1.10)
    connection_pool (2.3.0)
    credentials_manager (0.16.4)
      colored
      commander (>= 4.3.5)
      highline (>= 1.7.1)
      security
    cupertino (1.4.0)
      certified (~> 1.0)
      commander (~> 4.4)
      highline (~> 1.7)
      mechanize (~> 2.7)
      nokogiri (~> 1.8)
      security (~> 0.1)
      term-ansicolor (~> 1.4)
      terminal-table (~> 1.8)
    deliver (1.16.1)
      credentials_manager (>= 0.16.2, < 1.0.0)
      fastimage (~> 1.6)
      fastlane_core (>= 0.58.0, < 1.0.0)
      plist (>= 3.1.0, < 4.0.0)
      spaceship (>= 0.38.5, < 1.0.0)
    domain_name (0.5.20190701)
      unf (>= 0.0.5, < 1.0.0)
    dotenv (2.7.5)
    excon (0.93.0)
    faraday (0.17.5)
      multipart-post (>= 1.2, < 3)
    faraday-cookie_jar (0.0.7)
      faraday (>= 0.8.0)
      http-cookie (~> 1.0.0)
    faraday_middleware (0.14.0)
      faraday (>= 0.7.4, < 1.0)
    fastimage (1.6.8)
      addressable (~> 2.3, >= 2.3.5)
    fastlane (0.6.1)
      aws-sdk (~> 1.0)
      cert (>= 0.1.3)
      cupertino (~> 1.3, >= 1.3.1)
      deliver (>= 0.9.0)
      fastlane_core (>= 0.5.0)
      frameit (>= 0.2.3)
      nokogiri (~> 1.6)
      pem (>= 0.3.8)
      produce (>= 0.1.6)
      shenzhen (~> 0.12)
      sigh (>= 0.4.7)
      slack-notifier (~> 1.0)
      snapshot (>= 0.6.0)
      terminal-notifier (~> 1.6.2)
      xcodeproj (~> 0.20)
      xcpretty (~> 0.1)
    fastlane_core (0.59.0)
      colored
      commander (>= 4.4.0, <= 5.0.0)
      credentials_manager (>= 0.16.2, < 1.0.0)
      excon (>= 0.45.0, < 1.0)
      gh_inspector (>= 1.0.1, < 2.0.0)
      highline (>= 1.7.2)
      json
      multi_json
      plist (>= 3.1.0, < 4.0.0)
      rubyzip (~> 1.1.6)
      terminal-table (>= 1.4.5, < 2.0.0)
    frameit (3.0.0)
      deliver (> 0.3)
      fastimage (~> 1.6.3)
      fastlane_core (>= 0.53.0, < 1.0.0)
      mini_magick (~> 4.5.1)
    gh_inspector (1.1.3)
    highline (1.7.10)
    http-cookie (1.0.3)
      domain_name (~> 0.5)
    i18n (1.12.0)
      concurrent-ruby (~> 1.0)
    jmespath (1.4.0)
    json (1.8.6)
    mechanize (2.8.1)
      addressable (~> 2.7)
      domain_name (~> 0.5, >= 0.5.20190701)
      http-cookie (~> 1.0, >= 1.0.3)
      mime-types (~> 3.0)
      net-http-digest_auth (~> 1.4, >= 1.4.1)
      net-http-persistent (>= 2.5.2, < 5.0.dev)
      nokogiri (~> 1.11, >= 1.11.2)
      rubyntlm (~> 0.6, >= 0.6.3)
      webrick (~> 1.7)
      webrobots (~> 0.1.2)
    mime-types (3.3)
      mime-types-data (~> 3.2015)
    mime-types-data (3.2019.0904)
    mini_magick (4.5.1)
    mini_portile2 (2.8.0)
    minitest (5.16.3)
    multi_json (1.13.1)
    multi_xml (0.6.0)
    multipart-post (2.0.0)
    net-http-digest_auth (1.4.1)
    net-http-persistent (4.0.1)
      connection_pool (~> 2.2)
    net-sftp (2.1.2)
      net-ssh (>= 2.6.5)
    net-ssh (7.0.1)
    nokogiri (1.13.9)
      mini_portile2 (~> 2.8.0)
      racc (~> 1.4)
    pem (1.4.1)
      fastlane_core (>= 0.58.0, < 1.0.0)
      spaceship (>= 0.38.5, < 1.0.0)
    plist (3.1.0)
    produce (1.3.2)
      fastlane_core (>= 0.57.2, < 1.0.0)
      spaceship (>= 0.38.4, < 1.0.0)
    public_suffix (2.0.5)
    racc (1.6.0)
    rouge (2.0.7)
    rubyntlm (0.6.3)
    rubyzip (1.1.7)
    security (0.1.3)
    shenzhen (0.14.3)
      aws-sdk (~> 1.0)
      commander (~> 4.3)
      dotenv (>= 0.7)
      faraday (~> 0.9)
      faraday_middleware (~> 0.9)
      highline (>= 1.7.2)
      json (~> 1.8)
      net-sftp (~> 2.1.2)
      plist (~> 3.1.0)
      rubyzip (~> 1.1)
      security (~> 0.1.3)
      terminal-table (~> 1.4)
    sigh (1.12.1)
      fastlane_core (>= 0.57.2, < 1.0.0)
      plist (>= 3.1.0, < 4.0.0)
      spaceship (>= 0.38.4, < 1.0.0)
    slack-notifier (1.5.1)
    snapshot (1.16.4)
      fastimage (~> 1.6.3)
      fastlane_core (>= 0.57.0, < 1.0.0)
      plist (>= 3.1.0, < 4.0.0)
      xcpretty (>= 0.2.4, < 1.0.0)
    spaceship (0.39.0)
      babosa (= 1.0.2)
      colored
      credentials_manager (>= 0.16.0)
      faraday (~> 0.9)
      faraday-cookie_jar (~> 0.0.6)
      faraday_middleware (~> 0.9)
      fastimage (>= 1.6)
      multi_xml (~> 0.5)
      plist (>= 3.1.0, < 4.0.0)
    sync (0.5.0)
    term-ansicolor (1.7.1)
      tins (~> 1.0)
    terminal-notifier (1.6.3)
    terminal-table (1.8.0)
      unicode-display_width (~> 1.1, >= 1.1.1)
    tins (1.31.1)
      sync
    tzinfo (2.0.5)
      concurrent-ruby (~> 1.0)
    unf (0.1.4)
      unf_ext
    unf_ext (0.0.7.6)
    unicode-display_width (1.8.0)
    webrick (1.7.0)
    webrobots (0.1.2)
    xcodeproj (0.25.1)
      activesupport (>= 3)
      colored (~> 1.2)
    xcpretty (0.3.0)
      rouge (~> 2.0.7)

PLATFORMS
  ruby

DEPENDENCIES
  aws-sdk-s3
  fastlane
  nokogiri

BUNDLED WITH
   2.0.2
